GEM
  remote: https://rubygems.org/
  specs:
    addressable (2.8.6)
      public_suffix (>= 2.0.2, < 6.0)
    ast (2.4.2)
    colorize (1.1.0)
    docker-api (2.3.0)
      excon (>= 0.64.0)
      multi_json
    excon (0.111.0)
    git (1.19.0)
      addressable (~> 2.8)
      rchardet (~> 1.8)
    json (2.6.3)
    kwalify (0.7.2)
    language_server-protocol (3.17.0.3)
    multi_json (1.15.0)
    parallel (1.23.0)
    parser (3.2.2.4)
      ast (~> 2.4.1)
      racc
    public_suffix (5.0.4)
    racc (1.7.1)
    rainbow (3.1.1)
    rchardet (1.8.0)
    reek (6.1.4)
      kwalify (~> 0.7.0)
      parser (~> 3.2.0)
      rainbow (>= 2.0, < 4.0)
    regexp_parser (2.8.2)
    rexml (3.2.8)
      strscan (>= 3.0.9)
    rubocop (1.57.2)
      json (~> 2.3)
      language_server-protocol (>= 3.17.0)
      parallel (~> 1.10)
      parser (>= 3.2.2.4)
      rainbow (>= 2.2.2, < 4.0)
      regexp_parser (>= 1.8, < 3.0)
      rexml (>= 3.2.5, < 4.0)
      rubocop-ast (>= 1.28.1, < 2.0)
      ruby-progressbar (~> 1.7)
      unicode-display_width (>= 2.4.0, < 3.0)
    rubocop-ast (1.30.0)
      parser (>= 3.2.1.0)
    ruby-progressbar (1.13.0)
    strscan (3.1.0)
    unicode-display_width (2.5.0)

PLATFORMS
  x86_64-linux

DEPENDENCIES
  colorize
  docker-api
  git (~> 1.19)
  reek
  rubocop

RUBY VERSION
   ruby 2.7.4p191

BUNDLED WITH
   2.4.7
