GEM
  remote: https://rubygems.org/
  specs:
    addressable (2.8.4)
      public_suffix (>= 2.0.2, < 6.0)
    ast (2.4.2)
    colorize (1.0.1)
    docker-api (2.2.0)
      excon (>= 0.47.0)
      multi_json
    excon (0.99.0)
    git (1.18.0)
      addressable (~> 2.8)
      rchardet (~> 1.8)
    json (2.6.3)
    kwalify (0.7.2)
    multi_json (1.15.0)
    parallel (1.23.0)
    parser (3.2.2.3)
      ast (~> 2.4.1)
      racc
    public_suffix (5.0.1)
    racc (1.7.0)
    rainbow (3.1.1)
    rchardet (1.8.0)
    reek (6.1.4)
      kwalify (~> 0.7.0)
      parser (~> 3.2.0)
      rainbow (>= 2.0, < 4.0)
    regexp_parser (2.8.1)
    rexml (3.2.5)
    rubocop (1.52.1)
      json (~> 2.3)
      parallel (~> 1.10)
      parser (>= 3.2.2.3)
      rainbow (>= 2.2.2, < 4.0)
      regexp_parser (>= 1.8, < 3.0)
      rexml (>= 3.2.5, < 4.0)
      rubocop-ast (>= 1.28.0, < 2.0)
      ruby-progressbar (~> 1.7)
      unicode-display_width (>= 2.4.0, < 3.0)
    rubocop-ast (1.29.0)
      parser (>= 3.2.1.0)
    ruby-progressbar (1.13.0)
    unicode-display_width (2.4.2)

PLATFORMS
  x86_64-linux

DEPENDENCIES
  colorize
  docker-api
  git (~> 1.18)
  reek
  rubocop

RUBY VERSION
   ruby 2.7.4p191

BUNDLED WITH
   2.4.7
